PATH
  remote: .
  specs:
    led_query (1.2.0)

GEM
  remote: https://rubygems.org/
  specs:
    mime-types (1.24)
    minitest (5.0.6)
    rake (10.1.0)
    rest-client (1.6.7)
      mime-types (>= 1.16)

PLATFORMS
  ruby

DEPENDENCIES
  led_query!
  minitest
  rake
  rest-client
